GEM
  remote: http://rubygems.org/
  specs:
    activesupport (2.3.3)
    builder (3.0.0)
    childprocess (0.1.8)
      ffi (~> 1.0.6)
    cucumber (0.10.2)
      builder (>= 2.1.2)
      diff-lcs (>= 1.1.2)
      gherkin (>= 2.3.5)
      json (>= 1.4.6)
      term-ansicolor (>= 1.0.5)
    diff-lcs (1.1.2)
    epic (0.0.4)
      progressions-g
      w3c_validators
    f (0.0.1)
    ffi (1.0.7)
      rake (>= 0.8.7)
    g (1.4.0)
      ruby-growl (>= 1.0.1)
    gherkin (2.3.6)
      json (>= 1.4.6)
    grit (2.4.1)
      diff-lcs (~> 1.1)
      mime-types (~> 1.15)
    haml (3.0.25)
    hpricot (0.8.4)
    idiom (0.1.0)
      activesupport
      activesupport (>= 2.2.2)
      g
      natural_time
      rspec
      sishen-rtranslate
      sishen-rtranslate (>= 1.2.9)
      timer
      yrb
      yrb
    jasmine (1.0.2.0)
      json_pure (>= 1.4.3)
      rack (>= 1.1)
      rspec (>= 1.3.1)
      selenium-webdriver (>= 0.1.3)
    json (1.5.1)
    json_pure (1.5.1)
    mime-types (1.16)
    natural_time (0.0.4)
      activesupport
    nokogiri (1.4.4)
    polyglot (0.3.1)
    progressions-basepath (0.3.0.2)
    progressions-g (1.3.1)
      ruby-growl (>= 1.0.1)
    rack (1.2.2)
    rake (0.8.7)
    rspec (2.5.0)
      rspec-core (~> 2.5.0)
      rspec-expectations (~> 2.5.0)
      rspec-mocks (~> 2.5.0)
    rspec-core (2.5.1)
    rspec-expectations (2.5.0)
      diff-lcs (~> 1.1.2)
    rspec-mocks (2.5.0)
    ruby-growl (3.0)
    rubyzip (0.9.4)
    selenium-webdriver (0.2.0)
      childprocess (>= 0.1.7)
      ffi (>= 1.0.7)
      json_pure
      rubyzip
    serenity (0.0.2)
    sishen-rtranslate (1.5)
      activesupport (>= 2.2.0)
      json (>= 1.1.3)
    string_masker (0.0.1)
    term-ansicolor (1.0.5)
    timecop (0.3.5)
    timer (0.1.6)
      activesupport
      natural_time
      natural_time
      progressions-g
      progressions-g
      rspec
      ruby-growl
      ruby-growl
      timecop
    treetop (1.4.9)
      polyglot (>= 0.3.1)
    w3c_validators (1.1.1)
      nokogiri
    ymdp (0.5.1)
      activesupport
      activesupport
      bundler
      cucumber
      epic
      epic
      grit
      haml
      haml
      hpricot
      hpricot
      idiom
      json
      json
      mime-types
      natural_time
      polyglot
      progressions-basepath
      progressions-basepath
      progressions-g
      progressions-g
      rspec (>= 1.2.6)
      ruby-growl
      ruby-growl
      serenity
      serenity
      sishen-rtranslate
      sishen-rtranslate
      timer
      timer
      treetop
      ymdp_generator
      ymdp_generator
      ymdt
      ymdt
      yrb
      yrb
    ymdp_generator (0.0.4)
      f
    ymdt (0.1.0)
      string_masker
    yrb (0.0.1)

PLATFORMS
  ruby

DEPENDENCIES
  activesupport (= 2.3.3)
  epic
  f
  grit
  haml
  hpricot
  idiom
  jasmine
  json
  natural_time
  progressions-basepath
  progressions-g
  rake
  ruby-growl
  serenity
  sishen-rtranslate
  string_masker
  timer
  ymdp (>= 0.3.0)
  ymdp_generator
  ymdt
