GEM
  remote: http://rubygems.org/
  specs:
    activesupport (2.3.3)
    builder (3.0.0)
    cucumber (0.10.0)
      builder (>= 2.1.2)
      diff-lcs (~> 1.1.2)
      gherkin (~> 2.3.2)
      json (~> 1.4.6)
      term-ansicolor (~> 1.0.5)
    diff-lcs (1.1.2)
    epic (0.0.4)
      progressions-g
      w3c_validators
    f (0.0.1)
    gherkin (2.3.3)
      json (~> 1.4.6)
    grit (2.4.1)
      diff-lcs (~> 1.1)
      mime-types (~> 1.15)
    haml (3.0.25)
    hpricot (0.8.3)
    idiom (0.0.8)
      activesupport (>= 2.2.2)
      sishen-rtranslate (>= 1.2.9)
      yrb
    json (1.4.6)
    mime-types (1.16)
    natural_time (0.0.3)
      activesupport
    nokogiri (1.4.4)
    polyglot (0.3.1)
    progressions-basepath (0.3.0.2)
    progressions-g (1.3.1)
      ruby-growl (>= 1.0.1)
    rake (0.8.7)
    rspec (2.4.0)
      rspec-core (~> 2.4.0)
      rspec-expectations (~> 2.4.0)
      rspec-mocks (~> 2.4.0)
    rspec-core (2.4.0)
    rspec-expectations (2.4.0)
      diff-lcs (~> 1.1.2)
    rspec-mocks (2.4.0)
    ruby-growl (3.0)
    serenity (0.0.2)
    sishen-rtranslate (1.5)
      activesupport (>= 2.2.0)
      json (>= 1.1.3)
    string_masker (0.0.1)
    term-ansicolor (1.0.5)
    timer (0.1.5)
    treetop (1.4.9)
      polyglot (>= 0.3.1)
    w3c_validators (1.1.1)
      nokogiri
    ymdp (0.2.5)
      activesupport
      activesupport
      bundler
      cucumber
      epic
      epic
      grit
      haml
      haml
      hpricot
      hpricot
      idiom
      json
      json
      mime-types
      natural_time
      polyglot
      progressions-basepath
      progressions-basepath
      progressions-g
      progressions-g
      rspec (>= 1.2.6)
      ruby-growl
      ruby-growl
      serenity
      serenity
      sishen-rtranslate
      sishen-rtranslate
      timer
      timer
      treetop
      ymdp_generator
      ymdp_generator
      ymdt
      ymdt
      yrb
      yrb
    ymdp_generator (0.0.4)
      f
    ymdt (0.0.1)
    yrb (0.0.1)

PLATFORMS
  ruby

DEPENDENCIES
  activesupport (= 2.3.3)
  epic
  f
  grit
  haml
  hpricot
  idiom
  json
  natural_time
  progressions-basepath
  progressions-g
  rake
  ruby-growl
  serenity
  sishen-rtranslate
  string_masker
  timer
  ymdp (>= 0.1.15)
  ymdp_generator
  ymdt
